GEM
  remote: http://rubygems.org/
  specs:
    activemodel (3.2.6)
      activesupport (= 3.2.6)
      builder (~> 3.0.0)
    activesupport (3.2.6)
      i18n (~> 0.6)
      multi_json (~> 1.0)
    addressable (2.2.8)
    builder (3.0.0)
    ffi (1.0.11)
    htmlentities (4.3.1)
    i18n (0.6.0)
    json (1.7.3)
    mime-types (1.19)
    multi_json (1.3.6)
    nokogiri (1.5.5)
    typhoeus (0.4.2)
      ffi (~> 1.0)
      mime-types (~> 1.18)
    wordnik (4.07)
      activemodel (>= 3.0.3)
      addressable (>= 2.2.4)
      htmlentities (>= 4.2.4)
      json (>= 1.4.6)
      nokogiri (>= 1.4.4)
      typhoeus (>= 0.2.1)

PLATFORMS
  ruby

DEPENDENCIES
  wordnik (> 0)
